{
  "PowerLineFrequency": 60,
  "SoftwareFilters": {
    "FilterDescription": {
      "Description": "NA"
    }
  },
  "SoftwareVersions": "Net Station Acquisition 5.4.2 (r29917)",
  "Manufacturer": "Electrical Geodesics, Inc. (EGI)",
  "EEGReference": "E129/Cz",
  "CapManufacturersModelName": "128-channel HydroCel Geodesic Sensor Net",
  "CapManufacturer": "Electrical Geodesics, Inc. (EGI)",
  "InstitutionAddress": "Durham, North Carolina, USA",
  "InstitutionalDepartmentName": "Department of Psychology & Neuroscience",
  "InstitutionName": "Duke University",
  "TaskName": "resting",
  "EEGChannelCount": 129,
  "RecordingType": "continuous",
  "RecordingDuration": 1103.402,
  "SamplingFrequency": 1000,
  "EOGChannelCount": 0,
  "ECGChannelCount": 0,
  "EMGChannelCount": 0
}